GEM
  remote: https://rubygems.org/
  specs:
    RedCloth (4.2.9)
    addressable (2.3.2)
    classifier (1.3.3)
      fast-stemmer (>= 1.0.0)
    coderay (1.0.8)
    colorator (0.1)
    commander (4.1.3)
      highline (~> 1.6.11)
    directory_watcher (1.4.1)
    em-websocket (0.3.8)
      addressable (>= 2.1.1)
      eventmachine (>= 0.12.9)
    eventmachine (1.0.0)
    fast-stemmer (1.0.2)
    guard (1.5.3)
      listen (>= 0.4.2)
      lumberjack (>= 1.0.2)
      pry (>= 0.9.10)
      thor (>= 0.14.6)
    guard-jekyll2 (0.1.0)
      guard
    guard-livereload (1.1.0)
      em-websocket (>= 0.2.0)
      guard (>= 1.5.0)
      multi_json (~> 1.0)
    highline (1.6.18)
    jekyll (1.0.0)
      classifier (~> 1.3)
      colorator (~> 0.1)
      commander (~> 4.1.3)
      directory_watcher (~> 1.4.1)
      kramdown (~> 0.14)
      liquid (~> 2.3)
      maruku (~> 0.5)
      pygments.rb (~> 0.4.2)
      safe_yaml (~> 0.7.0)
    kramdown (0.14.2)
    liquid (2.5.0)
    listen (0.5.3)
    lumberjack (1.0.2)
    maruku (0.6.1)
      syntax (>= 1.0.0)
    method_source (0.8.1)
    multi_json (1.3.7)
    posix-spawn (0.3.6)
    pry (0.9.10)
      coderay (~> 1.0.5)
      method_source (~> 0.8)
      slop (~> 3.3.1)
    pygments.rb (0.4.2)
      posix-spawn (~> 0.3.6)
      yajl-ruby (~> 1.1.0)
    rake (0.9.2.2)
    rb-fsevent (0.9.1)
    rdiscount (1.6.8)
    redcarpet (2.2.2)
    safe_yaml (0.7.1)
    slop (3.3.3)
    syntax (1.0.0)
    thor (0.16.0)
    yajl-ruby (1.1.0)

PLATFORMS
  ruby

DEPENDENCIES
  RedCloth (= 4.2.9)
  guard-jekyll2
  guard-livereload
  jekyll (= 1.0.0)
  liquid (= 2.5.0)
  maruku (= 0.6.1)
  rake
  rb-fsevent
  rdiscount (= 1.6.8)
  redcarpet (= 2.2.2)
  yajl-ruby
